GEM
  remote: http://rubygems.org/
  specs:
    httparty (0.9.0)
      multi_json (~> 1.0)
      multi_xml
    multi_json (1.3.6)
    multi_xml (0.5.1)
    mustache (0.99.4)
    rack (1.4.1)
    rack-protection (1.2.0)
      rack
    rack-test (0.6.2)
      rack (>= 1.0)
    shotgun (0.9)
      rack (>= 1.0)
    sinatra (1.3.3)
      rack (~> 1.3, >= 1.3.6)
      rack-protection (~> 1.2)
      tilt (~> 1.3, >= 1.3.3)
    sinatra-mustache (0.0.4)
      mustache (~> 0.99)
      sinatra (~> 1.3, ~> 1.2)
      tilt (~> 1.3, ~> 1.2)
    tilt (1.3.3)

PLATFORMS
  ruby

DEPENDENCIES
  httparty
  rack-test
  shotgun
  sinatra
  sinatra-mustache
